GIT
  remote: https://github.com/francois2metz/gollum-site.git
  revision: bf48ced5dbbe16a1cb6477146fa63c685655831a
  branch: custom_sanitization
  specs:
    gollum-site (0.1.9)
      directory_watcher
      gollum (>= 1.2.0)
      liquid (>= 2.2.2)
      mixlib-log (>= 1.1.0)

GEM
  remote: http://rubygems.org/
  specs:
    albino (1.3.3)
      posix-spawn (>= 0.3.6)
    diff-lcs (1.1.2)
    directory_watcher (1.4.0)
    github-markup (0.5.3)
    gollum (1.3.0)
      albino (~> 1.3.2)
      github-markup (< 1.0.0, >= 0.4.0)
      grit (~> 2.4.1)
      mustache (< 1.0.0, >= 0.11.2)
      nokogiri (~> 1.4)
      sanitize (~> 2.0.0)
      sinatra (~> 1.0)
    grit (2.4.1)
      diff-lcs (~> 1.1)
      mime-types (~> 1.15)
    liquid (2.2.2)
    mime-types (1.16)
    mixlib-log (1.3.0)
    mustache (0.99.3)
    nokogiri (1.4.4)
    posix-spawn (0.3.6)
    rack (1.2.2)
    rake (0.8.7)
    rdiscount (1.6.8)
    sanitize (2.0.1)
      nokogiri (~> 1.4.4)
    sinatra (1.2.3)
      rack (~> 1.1)
      tilt (< 2.0, >= 1.2.2)
    tilt (1.3)

PLATFORMS
  ruby

DEPENDENCIES
  bundler (= 1.0.12)
  gollum-site!
  rake
  rdiscount
